GIT
  remote: https://github.com/Shopify/liquid.git
  revision: 77bc56a1c28a707c2b222559ffb0b7b1c5588928
  ref: main
  specs:
    liquid (5.5.0)

PATH
  remote: .
  specs:
    liquid-c (4.2.0)
      liquid (>= 5.0.1)

GEM
  remote: https://rubygems.org/
  specs:
    ast (2.4.2)
    base64 (0.2.0)
    benchmark-ips (2.13.0)
    byebug (11.1.3)
    json (2.7.2)
    language_server-protocol (3.17.0.3)
    mini_portile2 (2.8.6)
    minitest (5.22.3)
    nokogiri (1.16.5)
      mini_portile2 (~> 2.8.2)
      racc (~> 1.4)
    parallel (1.24.0)
    parser (3.3.0.5)
      ast (~> 2.4.1)
      racc
    racc (1.7.3)
    rainbow (3.1.1)
    rake (13.2.1)
    rake-compiler (1.2.7)
      rake
    regexp_parser (2.9.0)
    rexml (3.2.8)
      strscan (>= 3.0.9)
    rubocop (1.61.0)
      json (~> 2.3)
      language_server-protocol (>= 3.17.0)
      parallel (~> 1.10)
      parser (>= 3.3.0.2)
      rainbow (>= 2.2.2, < 4.0)
      regexp_parser (>= 1.8, < 3.0)
      rexml (>= 3.2.5, < 4.0)
      rubocop-ast (>= 1.30.0, < 2.0)
      ruby-progressbar (~> 1.7)
      unicode-display_width (>= 2.4.0, < 3.0)
    rubocop-ast (1.31.2)
      parser (>= 3.3.0.4)
    rubocop-performance (1.13.3)
      rubocop (>= 1.7.0, < 2.0)
      rubocop-ast (>= 0.4.0)
    rubocop-shopify (2.15.1)
      rubocop (~> 1.51)
    ruby-progressbar (1.13.0)
    ruby_memcheck (3.0.0)
      nokogiri
    spy (0.4.1)
    stackprof (0.2.26)
    strscan (3.1.0)
    unicode-display_width (2.5.0)

PLATFORMS
  ruby

DEPENDENCIES
  base64
  benchmark-ips
  bundler (>= 1.5)
  byebug
  liquid!
  liquid-c!
  minitest
  rake
  rake-compiler
  rubocop (~> 1.61.0)
  rubocop-performance (~> 1.13.2)
  rubocop-shopify (~> 2.15.1)
  ruby_memcheck
  spy (= 0.4.1)
  stackprof

BUNDLED WITH
   2.4.22
